GEM
  remote: http://rubygems.org/
  specs:
    addressable (2.3.2)
    albino (1.3.3)
      posix-spawn (>= 0.3.6)
    classifier (1.3.3)
      fast-stemmer (>= 1.0.0)
    directory_watcher (1.4.1)
    em-websocket (0.3.8)
      addressable (>= 2.1.1)
      eventmachine (>= 0.12.9)
    eventmachine (0.12.10)
    fast-stemmer (1.0.1)
    ffi (1.1.5)
    guard (1.3.0)
      listen (>= 0.4.2)
      thor (>= 0.14.6)
    guard-livereload (1.0.0)
      em-websocket (>= 0.2.0)
      guard (>= 1.1.0)
      multi_json (~> 1.0)
    guard-shell (0.5.1)
      guard (>= 1.1.0)
    jekyll (0.11.2)
      albino (~> 1.3)
      classifier (~> 1.3)
      directory_watcher (~> 1.1)
      kramdown (~> 0.13)
      liquid (~> 2.3)
      maruku (~> 0.5)
    kramdown (0.14.0)
    liquid (2.4.1)
    listen (0.4.7)
      rb-fchange (~> 0.0.5)
      rb-fsevent (~> 0.9.1)
      rb-inotify (~> 0.8.8)
    maruku (0.6.1)
      syntax (>= 1.0.0)
    multi_json (1.3.6)
    posix-spawn (0.3.6)
    rb-fchange (0.0.5)
      ffi
    rb-fsevent (0.9.1)
    rb-inotify (0.8.8)
      ffi (>= 0.5.0)
    syntax (1.0.0)
    thor (0.16.0)

PLATFORMS
  ruby

DEPENDENCIES
  guard
  guard-livereload
  guard-shell
  jekyll
  rb-fsevent
  rb-inotify
